PATH
  remote: .
  specs:
    ruby-model (1.0)
      activemodel (= 3.0.7)
      bson (= 1.3.1)
      jruby-openssl (= 0.7.2)
      mongo (= 1.3.1)
      mongo_mapper (= 0.9.1)
      rake (= 0.8.7)

GEM
  remote: http://rubygems.org/
  specs:
    activemodel (3.0.7)
      activesupport (= 3.0.7)
      builder (~> 2.1.2)
      i18n (~> 0.5.0)
    activesupport (3.0.7)
    bouncy-castle-java (1.5.0146.1)
    bson (1.3.1-java)
    builder (2.1.2)
    i18n (0.5.0)
    jruby-openssl (0.7.2)
      bouncy-castle-java
    mongo (1.3.1)
      bson (>= 1.3.1)
    mongo_mapper (0.9.1)
      activemodel (~> 3.0)
      activesupport (~> 3.0)
      plucky (~> 0.3.8)
    plucky (0.3.8)
      mongo (~> 1.3)
    rake (0.8.7)

PLATFORMS
  java

DEPENDENCIES
  ruby-model!
